PATH
  remote: .
  specs:
    chainable_message (0.0.0)

GEM
  remote: https://rubygems.org/
  specs:

PLATFORMS
  ruby

DEPENDENCIES
  chainable_message!

BUNDLED WITH
   1.16.1
